GEM
  remote: http://rubygems.org/
  specs:
    actionmailer (3.1.1)
      actionpack (= 3.1.1)
      mail (~> 2.3.0)
    actionpack (3.1.1)
      activemodel (= 3.1.1)
      activesupport (= 3.1.1)
      builder (~> 3.0.0)
      erubis (~> 2.7.0)
      i18n (~> 0.6)
      rack (~> 1.3.2)
      rack-cache (~> 1.1)
      rack-mount (~> 0.8.2)
      rack-test (~> 0.6.1)
      sprockets (~> 2.0.2)
    activemodel (3.1.1)
      activesupport (= 3.1.1)
      builder (~> 3.0.0)
      i18n (~> 0.6)
    activerecord (3.1.1)
      activemodel (= 3.1.1)
      activesupport (= 3.1.1)
      arel (~> 2.2.1)
      tzinfo (~> 0.3.29)
    activeresource (3.1.1)
      activemodel (= 3.1.1)
      activesupport (= 3.1.1)
    activesupport (3.1.1)
      multi_json (~> 1.0)
    archive-tar-minitar (0.5.2)
    arel (2.2.1)
    bcrypt-ruby (3.0.1)
    bcrypt-ruby (3.0.1-x86-mingw32)
    builder (3.0.0)
    cancan (1.6.7)
    coffee-rails (3.1.1)
      coffee-script (>= 2.2.0)
      railties (~> 3.1.0)
    coffee-script (2.2.0)
      coffee-script-source
      execjs
    coffee-script-source (1.1.2)
    columnize (0.3.6)
    composite_primary_keys (4.1.2)
      activerecord (~> 3.1)
    database_cleaner (0.7.1)
    devise (1.5.2)
      bcrypt-ruby (~> 3.0)
      orm_adapter (~> 0.0.3)
      warden (~> 1.1)
    diff-lcs (1.1.3)
    enumerated_attribute (0.2.16)
      meta_programming (>= 0.2.1)
    erubis (2.7.0)
    execjs (1.2.9)
      multi_json (~> 1.0)
    factory_girl (2.6.1)
      activesupport (>= 2.3.9)
    factory_girl_rails (1.7.0)
      factory_girl (~> 2.6.0)
      railties (>= 3.0.0)
    hike (1.2.1)
    i18n (0.6.0)
    jquery-rails (1.0.18)
      railties (~> 3.0)
      thor (~> 0.14)
    json (1.6.1)
    json_spec (1.0.0)
      multi_json (~> 1.0)
      rspec (~> 2.0)
    linecache19 (0.5.12)
      ruby_core_source (>= 0.1.4)
    mail (2.3.0)
      i18n (>= 0.4.0)
      mime-types (~> 1.16)
      treetop (~> 1.4.8)
    meta_programming (0.2.2)
    mime-types (1.17.2)
    multi_json (1.0.3)
    orm_adapter (0.0.5)
    polyglot (0.3.3)
    rack (1.3.5)
    rack-cache (1.1)
      rack (>= 0.4)
    rack-mount (0.8.3)
      rack (>= 1.0.0)
    rack-ssl (1.3.2)
      rack
    rack-test (0.6.1)
      rack (>= 1.0)
    rails (3.1.1)
      actionmailer (= 3.1.1)
      actionpack (= 3.1.1)
      activerecord (= 3.1.1)
      activeresource (= 3.1.1)
      activesupport (= 3.1.1)
      bundler (~> 1.0)
      railties (= 3.1.1)
    railties (3.1.1)
      actionpack (= 3.1.1)
      activesupport (= 3.1.1)
      rack-ssl (~> 1.3.2)
      rake (>= 0.8.7)
      rdoc (~> 3.4)
      thor (~> 0.14.6)
    rake (0.9.2.2)
    rdoc (3.11)
      json (~> 1.4)
    rspec (2.8.0)
      rspec-core (~> 2.8.0)
      rspec-expectations (~> 2.8.0)
      rspec-mocks (~> 2.8.0)
    rspec-core (2.8.0)
    rspec-expectations (2.8.0)
      diff-lcs (~> 1.1.2)
    rspec-mocks (2.8.0)
    rspec-rails (2.8.1)
      actionpack (>= 3.0)
      activesupport (>= 3.0)
      railties (>= 3.0)
      rspec (~> 2.8.0)
    ruby-debug-base19 (0.11.25)
      columnize (>= 0.3.1)
      linecache19 (>= 0.5.11)
      ruby_core_source (>= 0.1.4)
    ruby-debug-ide (0.4.16)
      rake (>= 0.8.1)
    ruby-debug19 (0.11.6)
      columnize (>= 0.3.1)
      linecache19 (>= 0.5.11)
      ruby-debug-base19 (>= 0.11.19)
    ruby_core_source (0.1.5)
      archive-tar-minitar (>= 0.5.2)
    sass (3.1.10)
    sass-rails (3.1.5)
      actionpack (~> 3.1.0)
      railties (~> 3.1.0)
      sass (~> 3.1.10)
      tilt (~> 1.3.2)
    shoulda (3.0.1)
      shoulda-context (~> 1.0.0)
      shoulda-matchers (~> 1.0.0)
    shoulda-context (1.0.0)
    shoulda-matchers (1.0.0)
    simple_form (2.0.1)
      actionpack (~> 3.0)
      activemodel (~> 3.0)
    sprockets (2.0.3)
      hike (~> 1.2)
      rack (~> 1.0)
      tilt (~> 1.1, != 1.3.0)
    sqlite3 (1.3.4)
    sqlite3 (1.3.4-x86-mingw32)
    thor (0.14.6)
    tilt (1.3.3)
    treetop (1.4.10)
      polyglot
      polyglot (>= 0.3.1)
    tzinfo (0.3.31)
    uglifier (1.0.4)
      execjs (>= 0.3.0)
      multi_json (>= 1.0.2)
    uuidtools (2.1.2)
    validatious (0.4.0)
      activemodel
    warden (1.1.0)
      rack (>= 1.0)
    yaml_db (0.2.2)

PLATFORMS
  ruby
  x86-mingw32

DEPENDENCIES
  cancan
  coffee-rails (~> 3.1.1)
  composite_primary_keys
  database_cleaner
  devise
  enumerated_attribute
  factory_girl_rails
  jquery-rails
  json_spec
  linecache19
  rack-test
  rails (= 3.1.1)
  rake
  rspec-rails
  ruby-debug-base19
  ruby-debug-ide
  ruby-debug19
  sass-rails (~> 3.1.4)
  shoulda
  simple_form
  sqlite3
  uglifier (>= 1.0.3)
  uuidtools
  validatious
  yaml_db
